PATH
  remote: .
  specs:
    kris_kringle (0.1.0)

GEM
  remote: https://rubygems.org/
  specs:
    ansi (1.5.0)
    builder (3.2.4)
    byebug (11.1.3)
    docile (1.3.2)
    minitest (5.14.2)
    minitest-focus (1.1.2)
      minitest (>= 4, < 6)
    minitest-reporters (1.4.2)
      ansi
      builder
      minitest (>= 5.0)
      ruby-progressbar
    rake (10.5.0)
    ruby-progressbar (1.10.1)
    simplecov (0.18.5)
      docile (~> 1.1)
      simplecov-html (~> 0.11)
    simplecov-html (0.12.3)

PLATFORMS
  ruby

DEPENDENCIES
  bundler (~> 1.17)
  byebug (~> 11.1.3)
  kris_kringle!
  minitest (~> 5.0)
  minitest-focus (~> 1.1.2)
  minitest-reporters (~> 1.4.2)
  rake (~> 10.0)
  simplecov (~> 0.18.0)

BUNDLED WITH
   1.17.3
